GEM
  remote: http://rubygems.org/
  specs:
    bacon (1.2.0)
    metaclass (0.0.4)
    mocha (1.1.0)
      metaclass (~> 0.0.1)
    mocha-on-bacon (0.2.2)
      mocha (>= 0.13.0)
    pg (0.18.3)
    prettybacon (0.0.2)
      bacon (~> 1.2)
    rack (1.6.4)
    rack-protection (1.5.3)
      rack
    sequel (4.26.0)
    sinatra (1.4.6)
      rack (~> 1.4)
      rack-protection (~> 1.4)
      tilt (>= 1.3, < 3)
    tilt (2.0.1)

PLATFORMS
  ruby

DEPENDENCIES
  bacon
  mocha-on-bacon
  pg
  prettybacon
  sequel
  sinatra

BUNDLED WITH
   1.10.6
